PATH
  remote: .
  specs:
    rails-country-select (0.0.1)
      nokogiri

GEM
  remote: http://rubygems.org/
  specs:
    mini_portile (0.5.1)
    nokogiri (1.6.0)
      mini_portile (~> 0.5.0)
    rake (10.1.0)

PLATFORMS
  ruby

DEPENDENCIES
  bundler (~> 1.3)
  rails-country-select!
  rake
